NUGET
  remote: https://www.nuget.org/api/v2
    FAKE (4.47.1)
    FSharp.Core (4.0.0.1)
    NuGet.CommandLine (3.4.3)
    xunit.runner.console (2.1)
